GEM
  remote: https://rubygems.org/
  specs:
    actioncable (5.2.0)
      actionpack (= 5.2.0)
      nio4r (~> 2.0)
      websocket-driver (>= 0.6.1)
    actionmailer (5.2.0)
      actionpack (= 5.2.0)
      actionview (= 5.2.0)
      activejob (= 5.2.0)
      mail (~> 2.5, >= 2.5.4)
      rails-dom-testing (~> 2.0)
    actionpack (5.2.0)
      actionview (= 5.2.0)
      activesupport (= 5.2.0)
      rack (~> 2.0)
      rack-test (>= 0.6.3)
      rails-dom-testing (~> 2.0)
      rails-html-sanitizer (~> 1.0, >= 1.0.2)
    actionview (5.2.0)
      activesupport (= 5.2.0)
      builder (~> 3.1)
      erubi (~> 1.4)
      rails-dom-testing (~> 2.0)
      rails-html-sanitizer (~> 1.0, >= 1.0.3)
    activejob (5.2.0)
      activesupport (= 5.2.0)
      globalid (>= 0.3.6)
    activemodel (5.2.0)
      activesupport (= 5.2.0)
    activerecord (5.2.0)
      activemodel (= 5.2.0)
      activesupport (= 5.2.0)
      arel (>= 9.0)
    activestorage (5.2.0)
      actionpack (= 5.2.0)
      activerecord (= 5.2.0)
      marcel (~> 0.3.1)
    activesupport (5.2.0)
      concurrent-ruby (~> 1.0, >= 1.0.2)
      i18n (>= 0.7, < 2)
      minitest (~> 5.1)
      tzinfo (~> 1.1)
    addressable (2.4.0)
    arel (9.0.0)
    asciidoctor (1.5.6.2)
    ast (2.4.0)
    builder (3.2.3)
    coffee-script (2.4.1)
      coffee-script-source
      execjs
    coffee-script-source (1.12.2)
    colorator (0.1)
    concurrent-ruby (1.0.5)
    crass (1.0.4)
    erubi (1.7.1)
    ethon (0.11.0)
      ffi (>= 1.3.0)
    execjs (2.7.0)
    faraday (0.15.0)
      multipart-post (>= 1.2, < 3)
    ffi (1.9.23)
    gemoji (2.1.0)
    github-pages (87)
      github-pages-health-check (= 1.1.0)
      jekyll (= 3.1.6)
      jekyll-coffeescript (= 1.0.1)
      jekyll-feed (= 0.5.1)
      jekyll-gist (= 1.4.0)
      jekyll-github-metadata (= 2.0.2)
      jekyll-mentions (= 1.1.3)
      jekyll-paginate (= 1.1.0)
      jekyll-redirect-from (= 0.11.0)
      jekyll-sass-converter (= 1.3.0)
      jekyll-seo-tag (= 2.0.0)
      jekyll-sitemap (= 0.10.0)
      jemoji (= 0.6.2)
      kramdown (= 1.11.1)
      liquid (= 3.0.6)
      listen (= 3.0.6)
      mercenary (~> 0.3)
      rouge (= 1.11.1)
      terminal-table (~> 1.4)
    github-pages-health-check (1.1.0)
      addressable (~> 2.3)
      net-dns (~> 0.8)
      octokit (~> 4.0)
      public_suffix (~> 1.4)
      typhoeus (~> 0.7)
    globalid (0.4.1)
      activesupport (>= 4.2.0)
    html-pipeline (2.7.2)
      activesupport (>= 2)
      nokogiri (>= 1.4)
    i18n (1.0.1)
      concurrent-ruby (~> 1.0)
    iStats (1.5.2)
      parseconfig (~> 1.0)
      sparkr (~> 0.4)
    jekyll (3.1.6)
      colorator (~> 0.1)
      jekyll-sass-converter (~> 1.0)
      jekyll-watch (~> 1.1)
      kramdown (~> 1.3)
      liquid (~> 3.0)
      mercenary (~> 0.3.3)
      rouge (~> 1.7)
      safe_yaml (~> 1.0)
    jekyll-coffeescript (1.0.1)
      coffee-script (~> 2.2)
    jekyll-feed (0.5.1)
    jekyll-gist (1.4.0)
      octokit (~> 4.2)
    jekyll-github-metadata (2.0.2)
      jekyll (~> 3.1)
      octokit (~> 4.0)
    jekyll-mentions (1.1.3)
      html-pipeline (~> 2.3)
      jekyll (~> 3.0)
    jekyll-paginate (1.1.0)
    jekyll-redirect-from (0.11.0)
      jekyll (>= 2.0)
    jekyll-sass-converter (1.3.0)
      sass (~> 3.2)
    jekyll-seo-tag (2.0.0)
      jekyll (~> 3.1)
    jekyll-sitemap (0.10.0)
    jekyll-watch (1.5.1)
      listen (~> 3.0)
    jemoji (0.6.2)
      gemoji (~> 2.0)
      html-pipeline (~> 2.2)
      jekyll (>= 3.0)
    kramdown (1.11.1)
    liquid (3.0.6)
    listen (3.0.6)
      rb-fsevent (>= 0.9.3)
      rb-inotify (>= 0.9.7)
    loofah (2.2.2)
      crass (~> 1.0.2)
      nokogiri (>= 1.5.9)
    mail (2.7.0)
      mini_mime (>= 0.1.1)
    marcel (0.3.2)
      mimemagic (~> 0.3.2)
    mercenary (0.3.6)
    method_source (0.9.0)
    mimemagic (0.3.2)
    mini_mime (1.0.0)
    mini_portile2 (2.3.0)
    minitest (5.11.3)
    msgpack (1.2.4)
    multi_json (1.13.1)
    multipart-post (2.0.0)
    neovim (0.7.1)
      msgpack (~> 1.1)
      multi_json (~> 1.0)
    net-dns (0.8.0)
    nio4r (2.3.0)
    nokogiri (1.8.2)
      mini_portile2 (~> 2.3.0)
    octokit (4.8.0)
      sawyer (~> 0.8.0, >= 0.5.3)
    parallel (1.12.1)
    parseconfig (1.0.8)
    parser (2.5.1.0)
      ast (~> 2.4.0)
    powerpack (0.1.1)
    public_suffix (1.5.3)
    rack (2.0.5)
    rack-test (1.0.0)
      rack (>= 1.0, < 3)
    rails (5.2.0)
      actioncable (= 5.2.0)
      actionmailer (= 5.2.0)
      actionpack (= 5.2.0)
      actionview (= 5.2.0)
      activejob (= 5.2.0)
      activemodel (= 5.2.0)
      activerecord (= 5.2.0)
      activestorage (= 5.2.0)
      activesupport (= 5.2.0)
      bundler (>= 1.3.0)
      railties (= 5.2.0)
      sprockets-rails (>= 2.0.0)
    rails-dom-testing (2.0.3)
      activesupport (>= 4.2.0)
      nokogiri (>= 1.6)
    rails-html-sanitizer (1.0.4)
      loofah (~> 2.2, >= 2.2.2)
    railties (5.2.0)
      actionpack (= 5.2.0)
      activesupport (= 5.2.0)
      method_source
      rake (>= 0.8.7)
      thor (>= 0.18.1, < 2.0)
    rainbow (3.0.0)
    rake (12.3.1)
    rb-fsevent (0.10.3)
    rb-inotify (0.9.10)
      ffi (>= 0.5.0, < 2)
    rouge (1.11.1)
    rubocop (0.55.0)
      parallel (~> 1.10)
      parser (>= 2.5)
      powerpack (~> 0.1)
      rainbow (>= 2.2.2, < 4.0)
      ruby-progressbar (~> 1.7)
      unicode-display_width (~> 1.0, >= 1.0.1)
    ruby-progressbar (1.9.0)
    safe_yaml (1.0.4)
    sass (3.5.6)
      sass-listen (~> 4.0.0)
    sass-listen (4.0.0)
      rb-fsevent (~> 0.9, >= 0.9.4)
      rb-inotify (~> 0.9, >= 0.9.7)
    sawyer (0.8.1)
      addressable (>= 2.3.5, < 2.6)
      faraday (~> 0.8, < 1.0)
    sparkr (0.4.1)
    sprockets (3.7.1)
      concurrent-ruby (~> 1.0)
      rack (> 1, < 3)
    sprockets-rails (3.2.1)
      actionpack (>= 4.0)
      activesupport (>= 4.0)
      sprockets (>= 3.0.0)
    terminal-table (1.8.0)
      unicode-display_width (~> 1.1, >= 1.1.1)
    thor (0.20.0)
    thread_safe (0.3.6)
    thyme (0.0.15)
      ruby-progressbar (~> 1.0)
    typhoeus (0.8.0)
      ethon (>= 0.8.0)
    tzinfo (1.2.5)
      thread_safe (~> 0.1)
    unicode-display_width (1.3.2)
    websocket-driver (0.7.0)
      websocket-extensions (>= 0.1.0)
    websocket-extensions (0.1.3)

PLATFORMS
  ruby

DEPENDENCIES
  asciidoctor
  github-pages
  iStats
  neovim
  rails
  rubocop
  thyme

BUNDLED WITH
   1.16.1
